PATH
  remote: .
  specs:
    currencyconverterapi (0.1.1)

GEM
  remote: https://rubygems.org/
  specs:
    httparty (0.20.0)
      mime-types (~> 3.0)
      multi_xml (>= 0.5.2)
    mime-types (3.4.1)
      mime-types-data (~> 3.2015)
    mime-types-data (3.2021.1115)
    multi_xml (0.6.0)
    rake (13.0.3)

PLATFORMS
  x64-mingw32

DEPENDENCIES
  currencyconverterapi!
  httparty
  rake

BUNDLED WITH
   2.2.22
